GEM
  remote: https://rubygems.org/
  specs:
    coderay (1.1.0)
    method_source (0.8.2)
    mysql (2.9.1)
    mysql2 (0.4.2)
    pry (0.10.3)
      coderay (~> 1.1.0)
      method_source (~> 0.8.1)
      slop (~> 3.4)
    sequel (4.29.0)
    slop (3.6.0)

PLATFORMS
  ruby

DEPENDENCIES
  mysql
  mysql2
  pry
  sequel

BUNDLED WITH
   1.10.6
